GIT
  remote: https://github.com/ulizko/kottans.git
  revision: 5b6dd7c5d075a802a9f3065f09314098ab27b189
  specs:
    kottans (0.1.0)
      oj (~> 2.17)
      rack (~> 2.0)

GEM
  remote: https://rubygems.org/
  specs:
    diff-lcs (1.2.5)
    oj (2.18.0)
    rack (2.0.1)
    rake (11.3.0)
    rspec (3.5.0)
      rspec-core (~> 3.5.0)
      rspec-expectations (~> 3.5.0)
      rspec-mocks (~> 3.5.0)
    rspec-core (3.5.4)
      rspec-support (~> 3.5.0)
    rspec-expectations (3.5.0)
      diff-lcs (>= 1.2.0, < 2.0)
      rspec-support (~> 3.5.0)
    rspec-mocks (3.5.0)
      diff-lcs (>= 1.2.0, < 2.0)
      rspec-support (~> 3.5.0)
    rspec-support (3.5.0)

PLATFORMS
  ruby

DEPENDENCIES
  kottans!
  rack
  rake
  rspec

BUNDLED WITH
   1.13.5
