PATH
  remote: ../web_config
  specs:
    web_config (0.1.0)
      oj
      rack

GEM
  remote: https://rubygems.org/
  specs:
    diff-lcs (1.2.5)
    oj (2.17.5)
    rack (2.0.1)
    rspec (3.5.0)
      rspec-core (~> 3.5.0)
      rspec-expectations (~> 3.5.0)
      rspec-mocks (~> 3.5.0)
    rspec-core (3.5.4)
      rspec-support (~> 3.5.0)
    rspec-expectations (3.5.0)
      diff-lcs (>= 1.2.0, < 2.0)
      rspec-support (~> 3.5.0)
    rspec-mocks (3.5.0)
      diff-lcs (>= 1.2.0, < 2.0)
      rspec-support (~> 3.5.0)
    rspec-support (3.5.0)

PLATFORMS
  ruby

DEPENDENCIES
  rack
  rspec
  web_config!

BUNDLED WITH
   1.13.6
